GEM
  remote: https://rubygems.org/
  specs:
    ffi (1.9.25-x64-mingw32)

PLATFORMS
  x64-mingw32

DEPENDENCIES
  ffi

BUNDLED WITH
   1.17.2
